GEM
  remote: https://rubygems.org/
  specs:
    addressable (2.7.0)
      public_suffix (>= 2.0.2, < 5.0)
    css_parser (1.7.0)
      addressable
    pdf-core (0.7.0)
    prawn (2.2.2)
      pdf-core (~> 0.7.0)
      ttfunk (~> 1.5)
    prawn-fast-png (0.2.3)
      prawn
      rmagick
    prawn-svg (0.30.0)
      css_parser (~> 1.6)
      prawn (>= 0.11.1, < 3)
    public_suffix (4.0.1)
    rmagick (4.0.0)
    ttfunk (1.5.1)

PLATFORMS
  ruby

DEPENDENCIES
  prawn (~> 2.2)
  prawn-fast-png (~> 0.2.3)
  prawn-svg (~> 0.30.0)

RUBY VERSION
   ruby 2.6.3p62

BUNDLED WITH
   1.17.3
